PATH
  remote: .
  specs:
    repositext-kramdown (0.0.1)
      builder
      kramdown
      nokogiri
      ruby-graphviz
      rubyzip

GEM
  remote: http://rubygems.org/
  specs:
    awesome_print (1.2.0)
    builder (3.2.2)
    kramdown (1.2.0)
    mini_portile (0.5.1)
    minitest (5.0.8)
    minitest-spec-expect (0.1.3)
      minitest (~> 5.0)
    nokogiri (1.6.0)
      mini_portile (~> 0.5.0)
    rake (10.1.0)
    ruby-graphviz (1.0.9)
    rubyzip (1.1.0)

PLATFORMS
  ruby

DEPENDENCIES
  awesome_print
  minitest
  minitest-spec-expect
  rake
  repositext-kramdown!
