PATH
  remote: .
  specs:
    repositext-kramdown (0.0.1)
      kramdown
      nokogiri
      rubyzip

GEM
  remote: http://rubygems.org/
  specs:
    kramdown (1.2.0)
    mini_portile (0.5.1)
    minitest (5.0.8)
    minitest-spec-expect (0.1.3)
      minitest (~> 5.0)
    nokogiri (1.6.0)
      mini_portile (~> 0.5.0)
    rake (10.1.0)
    rubyzip (1.0.0)

PLATFORMS
  ruby

DEPENDENCIES
  minitest
  minitest-spec-expect
  rake
  repositext-kramdown!
