GIT
  remote: https://github.com/bloomrain/alignment
  revision: 2b861c3b8844dd3d8f89335fd1a85b1b86b12d85
  specs:
    alignment (0.2.0)

GIT
  remote: https://github.com/lsegal/yard.git
  revision: 1505386b3ca14857a24f840c0f8d0cb717dc09d4
  specs:
    yard (0.9.9)

PATH
  remote: ../kramdown
  specs:
    kramdown (1.3.0)

PATH
  remote: ../suspension
  specs:
    suspension (1.0.1)
      diff_match_patch_native

PATH
  remote: .
  specs:
    repositext (0.0.1)
      activesupport (~> 5.1.2)
      alignment
      amatch (~> 0.3.1)
      awesome_print (~> 1.8.0)
      builder (~> 3.2.3)
      caracal (~> 1.0.12)
      diff-lcs (~> 1.3)
      dotenv (~> 2.2.1)
      kramdown
      logging (~> 2.2.2)
      micromachine (~> 2.0.0)
      multi_ruby_runner (~> 1.0.2)
      needleman_wunsch_aligner (~> 1.1.1)
      nokogiri (~> 1.8.0)
      os (~> 1.0.0)
      outcome (~> 1.0.1)
      parallel (~> 1.11.2)
      pragmatic_segmenter (~> 0.3.15)
      rainbow (~> 2.2.2)
      ruby-graphviz (~> 1.2.3)
      rubyzip (~> 1.2.1)
      rugged (~> 0.25.1.1)
      suspension
      thor (~> 0.19.4)
      unicode_utils (~> 1.4.0)

GEM
  remote: https://rubygems.org/
  specs:
    activesupport (5.1.2)
      concurrent-ruby (~> 1.0, >= 1.0.2)
      i18n (~> 0.7)
      minitest (~> 5.1)
      tzinfo (~> 1.1)
    amatch (0.3.1)
      tins (~> 1.0)
    awesome_print (1.8.0)
    builder (3.2.3)
    caracal (1.0.12)
      nokogiri (~> 1.6)
      rubyzip (~> 1.1)
      tilt (>= 1.4)
    concurrent-ruby (1.0.5)
    diff-lcs (1.3)
    diff_match_patch_native (1.0.2)
      rice (>= 1.4.2)
    dotenv (2.2.1)
    fakefs (0.11.0)
    i18n (0.8.4)
    little-plugger (1.1.4)
    logging (2.2.2)
      little-plugger (~> 1.1)
      multi_json (~> 1.10)
    micromachine (2.0.0)
    mini_portile2 (2.2.0)
    minitest (5.10.2)
    minitest-spec-expect (2.0.0)
      minitest (~> 5.0)
    multi_json (1.12.1)
    multi_ruby_runner (1.0.2)
    needleman_wunsch_aligner (1.1.1)
    nokogiri (1.8.0)
      mini_portile2 (~> 2.2.0)
    os (1.0.0)
    outcome (1.0.1)
    parallel (1.11.2)
    pragmatic_segmenter (0.3.15)
      unicode
    rainbow (2.2.2)
      rake
    rake (12.0.0)
    rice (2.1.1)
    ruby-graphviz (1.2.3)
    ruby-prof (0.16.2)
    rubyzip (1.2.1)
    rugged (0.25.1.1)
    thor (0.19.4)
    thread_safe (0.3.6)
    tilt (2.0.7)
    tins (1.15.0)
    tzinfo (1.2.3)
      thread_safe (~> 0.1)
    unicode (0.4.4.4)
    unicode_utils (1.4.0)

PLATFORMS
  ruby

DEPENDENCIES
  alignment!
  bundler (~> 1.3)
  fakefs
  kramdown!
  minitest
  minitest-spec-expect
  rake
  repositext!
  ruby-prof
  suspension!
  yard!

BUNDLED WITH
   1.15.1
