GIT
  remote: https://github.com/bloomrain/alignment
  revision: 2b861c3b8844dd3d8f89335fd1a85b1b86b12d85
  specs:
    alignment (0.2.0)

GIT
  remote: https://github.com/diasks2/pragmatic_segmenter
  revision: cc21fed00dca15bb4a307feca503c6f438721087
  specs:
    pragmatic_segmenter (0.3.7)
      unicode

GIT
  remote: https://github.com/lsegal/yard.git
  revision: 884a529f8a31b324ea8edf2ffc3ed83e69d0306b
  specs:
    yard (0.8.7.6)

PATH
  remote: ../kramdown
  specs:
    kramdown (1.3.0)

PATH
  remote: ../suspension
  specs:
    suspension (0.0.1)
      diff_match_patch_native

PATH
  remote: .
  specs:
    repositext (0.0.1)
      activesupport (~> 4.2)
      alignment
      awesome_print
      builder
      caracal (~> 1.0)
      diff-lcs
      kramdown
      logging
      micromachine
      multi_ruby_runner (~> 1.0.2)
      needleman_wunsch_aligner
      nokogiri
      outcome
      parallel
      pragmatic_segmenter
      ruby-graphviz
      rubyzip
      rugged (~> 0.24)
      suspension
      thor
      unicode_utils

GEM
  remote: https://rubygems.org/
  specs:
    activesupport (4.2.6)
      i18n (~> 0.7)
      json (~> 1.7, >= 1.7.7)
      minitest (~> 5.1)
      thread_safe (~> 0.3, >= 0.3.4)
      tzinfo (~> 1.1)
    awesome_print (1.6.1)
    builder (3.2.2)
    caracal (1.0.4)
      nokogiri (~> 1.6)
      rubyzip (~> 1.1)
      tilt (>= 1.4)
    diff-lcs (1.2.5)
    diff_match_patch_native (1.0.2)
      rice (>= 1.4.2)
    fakefs (0.6.7)
    i18n (0.7.0)
    json (1.8.3)
    little-plugger (1.1.4)
    logging (2.1.0)
      little-plugger (~> 1.1)
      multi_json (~> 1.10)
    micromachine (2.0.0)
    mini_portile2 (2.0.0)
    minitest (5.8.3)
    minitest-spec-expect (2.0.0)
      minitest (~> 5.0)
    multi_json (1.11.2)
    multi_ruby_runner (1.0.2)
    needleman_wunsch_aligner (1.0.4)
    nokogiri (1.6.7.2)
      mini_portile2 (~> 2.0.0.rc2)
    outcome (1.0.1)
    parallel (1.6.2)
    rake (10.4.2)
    rice (2.0.0)
    ruby-graphviz (1.2.2)
    ruby-prof (0.15.9)
    rubyzip (1.2.0)
    rugged (0.24.0)
    thor (0.19.1)
    thread_safe (0.3.5)
    tilt (2.0.2)
    tzinfo (1.2.2)
      thread_safe (~> 0.1)
    unicode (0.4.4.2)
    unicode_utils (1.4.0)

PLATFORMS
  ruby

DEPENDENCIES
  alignment!
  bundler (~> 1.3)
  fakefs
  kramdown!
  minitest
  minitest-spec-expect
  pragmatic_segmenter!
  rake
  repositext!
  ruby-prof
  suspension!
  yard!

BUNDLED WITH
   1.11.2
