PATH
  remote: .
  specs:
    repositext (0.0.1)
      awesome_print
      builder
      diff-lcs
      kramdown
      logging
      nokogiri
      outcome
      parallel
      ruby-graphviz
      rubyzip
      rugged
      suspension
      thor
      unicode_utils

PATH
  remote: ../kramdown
  specs:
    kramdown (1.3.0)

PATH
  remote: ../suspension
  specs:
    suspension (0.0.1)
      diff_match_patch_native

GEM
  remote: https://rubygems.org/
  specs:
    awesome_print (1.2.0)
    builder (3.2.2)
    diff-lcs (1.2.5)
    diff_match_patch_native (1.0.2)
      rice (>= 1.4.2)
    fakefs (0.5.0)
    little-plugger (1.1.3)
    logging (1.8.2)
      little-plugger (>= 1.1.3)
      multi_json (>= 1.8.4)
    mini_portile (0.6.0)
    minitest (5.2.2)
    minitest-spec-expect (1.0.0)
      minitest (~> 5.0)
    multi_json (1.10.1)
    nokogiri (1.6.3.1)
      mini_portile (= 0.6.0)
    outcome (1.0.1)
    parallel (1.4.1)
    rake (10.1.1)
    rice (1.6.0)
    ruby-graphviz (1.2.1)
    ruby-prof (0.15.6)
    rubyzip (1.1.7)
    rugged (0.21.0)
    thor (0.19.1)
    unicode_utils (1.4.0)

PLATFORMS
  ruby

DEPENDENCIES
  bundler (~> 1.3)
  fakefs
  kramdown!
  minitest
  minitest-spec-expect
  rake
  repositext!
  ruby-prof
  suspension!
