GIT
  remote: https://github.com/bloomrain/alignment
  revision: 2b861c3b8844dd3d8f89335fd1a85b1b86b12d85
  specs:
    alignment (0.2.0)

GIT
  remote: https://github.com/diasks2/pragmatic_segmenter
  revision: b89583d7c24308a62aa80ae2bea9d9427b5614a5
  specs:
    pragmatic_segmenter (0.3.3)

PATH
  remote: .
  specs:
    repositext (0.0.1)
      activesupport (~> 4.2)
      alignment
      awesome_print
      builder
      caracal (~> 1.0)
      diff-lcs
      kramdown
      logging
      needleman_wunsch_aligner
      nokogiri
      obscenity
      outcome
      parallel
      pragmatic_segmenter
      ruby-graphviz
      rubyzip
      rugged
      suspension
      thor
      unicode_utils

PATH
  remote: ../kramdown
  specs:
    kramdown (1.3.0)

PATH
  remote: ../suspension
  specs:
    suspension (0.0.1)
      diff_match_patch_native

GEM
  remote: https://rubygems.org/
  specs:
    activesupport (4.2.5)
      i18n (~> 0.7)
      json (~> 1.7, >= 1.7.7)
      minitest (~> 5.1)
      thread_safe (~> 0.3, >= 0.3.4)
      tzinfo (~> 1.1)
    awesome_print (1.6.1)
    builder (3.2.2)
    caracal (1.0.1)
      nokogiri (~> 1.6)
      rubyzip (~> 1.1)
      tilt (~> 1.4)
    diff-lcs (1.2.5)
    diff_match_patch_native (1.0.2)
      rice (>= 1.4.2)
    fakefs (0.5.0)
    i18n (0.7.0)
    json (1.8.3)
    little-plugger (1.1.4)
    logging (2.0.0)
      little-plugger (~> 1.1)
      multi_json (~> 1.10)
    mini_portile (0.6.2)
    minitest (5.2.2)
    minitest-spec-expect (1.0.0)
      minitest (~> 5.0)
    multi_json (1.11.2)
    needleman_wunsch_aligner (1.0.4)
    nokogiri (1.6.6.3)
      mini_portile (~> 0.6.0)
    obscenity (1.0.2)
    outcome (1.0.1)
    parallel (1.6.1)
    rake (10.1.1)
    rice (1.7.0)
    ruby-graphviz (1.2.2)
    ruby-prof (0.15.6)
    rubyzip (1.1.7)
    rugged (0.23.3)
    thor (0.19.1)
    thread_safe (0.3.5)
    tilt (1.4.1)
    tzinfo (1.2.2)
      thread_safe (~> 0.1)
    unicode_utils (1.4.0)

PLATFORMS
  ruby

DEPENDENCIES
  alignment!
  bundler (~> 1.3)
  fakefs
  kramdown!
  minitest
  minitest-spec-expect
  pragmatic_segmenter!
  rake
  repositext!
  ruby-prof
  suspension!

BUNDLED WITH
   1.10.6
