PATH
  remote: .
  specs:
    repositext-kramdown (0.0.1)
      builder
      kramdown
      nokogiri
      ruby-graphviz
      rubyzip
      suspension

PATH
  remote: ../kramdown
  specs:
    kramdown (1.3.0)

PATH
  remote: ../suspension
  specs:
    suspension (0.0.1)
      diff_match_patch_native

GEM
  remote: http://rubygems.org/
  specs:
    awesome_print (1.2.0)
    builder (3.2.2)
    diff_match_patch_native (1.0.2)
      rice (>= 1.4.2)
    mini_portile (0.5.2)
    minitest (5.2.2)
    minitest-spec-expect (1.0.0)
      minitest (~> 5.0)
    nokogiri (1.6.1)
      mini_portile (~> 0.5.0)
    rake (10.1.1)
    rice (1.5.3)
    ruby-graphviz (1.0.9)
    rubyzip (1.1.0)

PLATFORMS
  ruby

DEPENDENCIES
  awesome_print
  kramdown!
  minitest
  minitest-spec-expect
  rake
  repositext-kramdown!
  suspension!
