PATH
  remote: .
  specs:
    repositext (0.0.1)
      activesupport (~> 4.2)
      awesome_print
      builder
      diff-lcs
      kramdown
      logging
      nokogiri
      outcome
      parallel
      ruby-graphviz
      rubyzip
      rugged
      suspension
      thor
      unicode_utils

PATH
  remote: ../kramdown
  specs:
    kramdown (1.3.0)

PATH
  remote: ../suspension
  specs:
    suspension (0.0.1)
      diff_match_patch_native

GEM
  remote: https://rubygems.org/
  specs:
    activesupport (4.2.4)
      i18n (~> 0.7)
      json (~> 1.7, >= 1.7.7)
      minitest (~> 5.1)
      thread_safe (~> 0.3, >= 0.3.4)
      tzinfo (~> 1.1)
    awesome_print (1.6.1)
    builder (3.2.2)
    diff-lcs (1.2.5)
    diff_match_patch_native (1.0.2)
      rice (>= 1.4.2)
    fakefs (0.5.0)
    i18n (0.7.0)
    json (1.8.3)
    little-plugger (1.1.4)
    logging (2.0.0)
      little-plugger (~> 1.1)
      multi_json (~> 1.10)
    mini_portile (0.6.2)
    minitest (5.2.2)
    minitest-spec-expect (1.0.0)
      minitest (~> 5.0)
    multi_json (1.11.2)
    nokogiri (1.6.6.2)
      mini_portile (~> 0.6.0)
    outcome (1.0.1)
    parallel (1.6.1)
    rake (10.1.1)
    rice (1.7.0)
    ruby-graphviz (1.2.2)
    ruby-prof (0.15.6)
    rubyzip (1.1.7)
    rugged (0.23.2)
    thor (0.19.1)
    thread_safe (0.3.5)
    tzinfo (1.2.2)
      thread_safe (~> 0.1)
    unicode_utils (1.4.0)

PLATFORMS
  ruby

DEPENDENCIES
  bundler (~> 1.3)
  fakefs
  kramdown!
  minitest
  minitest-spec-expect
  rake
  repositext!
  ruby-prof
  suspension!

BUNDLED WITH
   1.10.6
