PATH
  remote: ../../../../pdfbox_text_extraction
  specs:
    pdfbox_text_extraction (1.2.0)

GEM
  remote: https://rubygems.org/
  specs:

PLATFORMS
  java

DEPENDENCIES
  pdfbox_text_extraction (~> 1.2.0)!

BUNDLED WITH
   1.11.2
